GEM
  remote: http://rubygems.org/
  specs:
    activemodel (3.2.8)
      activesupport (= 3.2.8)
      builder (~> 3.0.0)
    activesupport (3.2.8)
      i18n (~> 0.6)
      multi_json (~> 1.0)
    andand (1.3.3)
    bson (1.7.0)
    bson_ext (1.7.0)
      bson (~> 1.7.0)
    builder (3.0.4)
    diff-lcs (1.1.3)
    facets (2.9.3)
    fattr (2.2.1)
    git (1.2.5)
    i18n (0.6.1)
    jeweler (1.8.4)
      bundler (~> 1.0)
      git (>= 1.2.5)
      rake
      rdoc
    json (1.7.5)
    lre (0.3.0)
      fattr
      mharris_ext
      watchr
    mharris_ext (1.5.0)
      facets
      fattr
    mongo (1.7.0)
      bson (~> 1.7.0)
    mongoid (3.0.11)
      activemodel (~> 3.1)
      moped (~> 1.1)
      origin (~> 1.0)
      tzinfo (~> 0.3.22)
    moped (1.2.8)
    multi_json (1.3.7)
    origin (1.0.10)
    polyglot (0.3.3)
    rake (0.9.2.2)
    rdoc (3.12)
      json (~> 1.4)
    rspec (2.8.0)
      rspec-core (~> 2.8.0)
      rspec-expectations (~> 2.8.0)
      rspec-mocks (~> 2.8.0)
    rspec-core (2.8.0)
    rspec-expectations (2.8.0)
      diff-lcs (~> 1.1.2)
    rspec-mocks (2.8.0)
    treetop (1.4.12)
      polyglot
      polyglot (>= 0.3.1)
    tzinfo (0.3.35)
    watchr (0.7)

PLATFORMS
  ruby

DEPENDENCIES
  andand
  bson_ext
  bundler (~> 1.2)
  jeweler (~> 1.8.4)
  lre
  mharris_ext
  mongo
  mongoid (~> 3.0)
  rdoc (~> 3.12)
  rspec (~> 2.8.0)
  treetop
